GEM
  remote: http://rubygems.org/
  specs:
    fssm (0.2.7)

PLATFORMS
  java
  x86-mingw32

DEPENDENCIES
  fssm
