GEM
  remote: http://rubygems.org/
  specs:
    fssm (0.2.7)
    systemu (2.2.0)

PLATFORMS
  java
  x86-mingw32

DEPENDENCIES
  fssm
  systemu
